

GROUP AsyncRx
RESTRICTION: == netstandard2.0
NUGET
  remote: https://www.nuget.org/api/v2
    FSharp.Control.AsyncSeq (2.0.23)
      FSharp.Core (>= 4.3.2)
    FSharp.Core (4.7.1)

GROUP Test
RESTRICTION: == netcoreapp3.1
NUGET
  remote: https://www.nuget.org/api/v2
    coverlet.msbuild (2.8.1)
    Expecto (9.0)
      FSharp.Core (>= 4.6)
      Mono.Cecil (>= 0.11.2)
    FSharp.Control.AsyncSeq (2.0.23)
      FSharp.Core (>= 4.3.2)
    FSharp.Core (4.7.1)
    Microsoft.CodeCoverage (16.6.1)
    Microsoft.NET.Test.Sdk (16.6.1)
      Microsoft.CodeCoverage (>= 16.6.1)
      Microsoft.TestPlatform.TestHost (>= 16.6.1)
    Microsoft.TestPlatform.ObjectModel (16.6.1)
      NuGet.Frameworks (>= 5.0)
    Microsoft.TestPlatform.TestHost (16.6.1)
      Microsoft.TestPlatform.ObjectModel (>= 16.6.1)
      Newtonsoft.Json (>= 9.0.1)
    Mono.Cecil (0.11.2)
    Newtonsoft.Json (12.0.3)
    NuGet.Frameworks (5.5.1)
